GEM
  remote: https://rubygems.org/
  specs:
    victor (0.3.4)

PLATFORMS
  ruby

DEPENDENCIES
  victor

BUNDLED WITH
   2.0.2
